PATH
  remote: .
  specs:
    ad_to_nt_ldap (0.0.1)

GEM
  remote: https://rubygems.org/
  specs:
    minitest (5.13.0)
    rake (10.5.0)
    unix-crypt (1.3.0)

PLATFORMS
  ruby

DEPENDENCIES
  ad_to_nt_ldap!
  bundler (~> 2.0)
  minitest (~> 5.0)
  rake (~> 10.0)
  unix-crypt (~> 1.3)

BUNDLED WITH
   2.0.2
