GEM
  remote: https://rubygems.org/
  specs:
    mocha (1.13.0)
    net-ldap (0.17.0)
    rake (13.0.6)
    unix-crypt (1.3.0)

PLATFORMS
  x86_64-linux

DEPENDENCIES
  mocha (~> 1.13)
  net-ldap (~> 0.17.0)
  rake (~> 13.0)
  unix-crypt (~> 1.3)

BUNDLED WITH
   2.2.23
