PATH
  remote: .
  specs:
    adap (0.1.3)

GEM
  remote: https://rubygems.org/
  specs:
    minitest (5.14.0)
    mocha (1.11.2)
    net-ldap (0.16.2)
    unix-crypt (1.3.0)

PLATFORMS
  ruby

DEPENDENCIES
  adap!
  bundler (~> 2.0)
  minitest (~> 5.0)
  mocha (~> 1.10)
  net-ldap (~> 0.16.2)
  unix-crypt (~> 1.3)

BUNDLED WITH
   2.2.23
