PATH
  remote: .
  specs:
    adap (0.0.6)

GEM
  remote: https://rubygems.org/
  specs:
    minitest (5.13.0)
    mocha (1.11.1)
    net-ldap (0.16.2)
    rake (10.5.0)
    unix-crypt (1.3.0)

PLATFORMS
  ruby

DEPENDENCIES
  adap!
  bundler (~> 2.0)
  minitest (~> 5.0)
  mocha (~> 1.10)
  net-ldap (~> 0.16.2)
  rake (~> 10.0)
  unix-crypt (~> 1.3)

BUNDLED WITH
   2.1.2
