GEM
  remote: https://rubygems.org/
  specs:
    mocha (2.7.1)
      ruby2_keywords (>= 0.0.5)
    net-ldap (0.19.0)
    rake (13.2.1)
    ruby2_keywords (0.0.5)
    unix-crypt (1.3.1)

PLATFORMS
  ruby
  x86_64-linux

DEPENDENCIES
  mocha (~> 2.7)
  net-ldap (~> 0.19.0)
  rake (~> 13.2)
  unix-crypt (~> 1.3)

BUNDLED WITH
   2.5.22
